GEM
  remote: https://rubygems.org/
  specs:
    constructor (2.0.0)
    deep_merge (1.2.2)
    diy (1.1.2)
      constructor (>= 1.0.0)
    thor (1.3.2)
    unicode-display_width (3.1.2)
      unicode-emoji (~> 4.0, >= 4.0.4)
    unicode-emoji (4.0.4)

PLATFORMS
  ruby

DEPENDENCIES
  deep_merge (~> 1.2)
  diy (~> 1.1)
  thor (~> 1.3)
  unicode-display_width (~> 3.1)

BUNDLED WITH
   2.5.22
